GEM
  remote: https://rubygems.org/
  specs:
    nokogiri (1.15.4-x86_64-linux)
      racc (~> 1.4)
    racc (1.7.1)
    rubyzip (2.3.2)

PLATFORMS
  x86_64-linux

DEPENDENCIES
  nokogiri (~> 1.15)
  rubyzip

BUNDLED WITH
   2.4.19
